PATH
  remote: .
  specs:
    excelinator (1.3.0)
      spreadsheet

GEM
  remote: https://rubygems.org/
  specs:
    byebug (5.0.0)
      columnize (= 0.9.0)
    columnize (0.9.0)
    diff-lcs (1.1.3)
    rake (0.9.2.2)
    rspec (2.9.0)
      rspec-core (~> 2.9.0)
      rspec-expectations (~> 2.9.0)
      rspec-mocks (~> 2.9.0)
    rspec-core (2.9.0)
    rspec-expectations (2.9.1)
      diff-lcs (~> 1.1.3)
    rspec-mocks (2.9.0)
    ruby-ole (1.2.11.8)
    spreadsheet (1.0.3)
      ruby-ole (>= 1.0)

PLATFORMS
  ruby

DEPENDENCIES
  byebug
  excelinator!
  rake
  rspec

BUNDLED WITH
   1.10.4
